GEM
  remote: https://rubygems.org/
  specs:
    open_uri_redirections (0.2.1)
    rest-open-uri (1.0.0)

PLATFORMS
  ruby

DEPENDENCIES
  open_uri_redirections
  rest-open-uri
